PATH
  remote: .
  specs:
    b (1.0.0)
      c

PATH
  remote: ..
  specs:
    b_prime (1.0.0)
      bb
    bb (1.0.0)
    c (1.0.0)

GEM
  specs:

PLATFORMS
  ruby

DEPENDENCIES
  b!
  b_prime
